GEM
  remote: https://rubygems.org/
  specs:
    chunky_png (1.3.5)
    ruby_identicon (0.0.4)
      chunky_png (~> 1.3.0)

PLATFORMS
  ruby

DEPENDENCIES
  ruby_identicon

BUNDLED WITH
   1.10.6
